GEM
  remote: https://rubygems.org/
  specs:
    awesome_print (1.9.2)
    coderay (1.1.3)
    method_source (1.1.0)
    pry (0.14.2)
      coderay (~> 1.1)
      method_source (~> 1.0)
    wifi-wand (2.18.0)
      awesome_print (>= 1.9.2, < 2)
      pry (>= 0.14.2)

PLATFORMS
  arm64-darwin-23
  ruby

DEPENDENCIES
  wifi-wand (~> 2.18.0)

BUNDLED WITH
   2.5.11
